GEM
  remote: https://rubygems.org/
  specs:
    faraday (2.13.4)
      faraday-net_http (>= 2.0, < 3.5)
      json
      logger
    faraday-net_http (3.4.1)
      net-http (>= 0.5.0)
    grist (0.1.0)
      faraday
    json (2.13.2)
    logger (1.7.0)
    net-http (0.6.0)
      uri
    uri (1.0.3)

PLATFORMS
  ruby
  x86_64-linux

DEPENDENCIES
  grist

BUNDLED WITH
   2.6.9
